NUGET
  remote: https://nuget.org/api/v2
  specs:
    FSharp.Core (4.0.0.1)
    Google.Protobuf (3.0.0-alpha4)
    NUnit (3.0.0)
